GEM
  remote: https://rubygems.org/
  specs:
    addressable (2.5.1)
      public_suffix (~> 2.0, >= 2.0.2)
    bindex (0.5.0)
    byebug (9.0.6)
    colorator (1.1.0)
    eventmachine (1.2.3)
    executable-hooks (1.3.2)
    ffi (1.9.18)
    forwardable-extended (2.6.0)
    gem-wrappers (1.2.7)
    http_parser.rb (0.6.0)
    jekyll (3.5.1)
      addressable (~> 2.4)
      colorator (~> 1.0)
      jekyll-sass-converter (~> 1.0)
      jekyll-watch (~> 1.1)
      kramdown (~> 1.3)
      liquid (~> 4.0)
      mercenary (~> 0.3.3)
      pathutil (~> 0.9)
      rouge (~> 1.7)
      safe_yaml (~> 1.0)
    jekyll-sass-converter (1.5.0)
      sass (~> 3.4)
    jekyll-watch (1.5.0)
      listen (~> 3.0, < 3.1)
    json (2.1.0)
    kramdown (1.14.0)
    liquid (4.0.0)
    listen (3.0.8)
      rb-fsevent (~> 0.9, >= 0.9.4)
      rb-inotify (~> 0.9, >= 0.9.7)
    mercenary (0.3.6)
    mini_portile2 (2.2.0)
    nio4r (2.1.0)
    nokogiri (1.8.0)
      mini_portile2 (~> 2.2.0)
    pathutil (0.14.0)
      forwardable-extended (~> 2.6)
    public_suffix (2.0.5)
    puma (3.9.1)
    rainbow (2.2.2)
      rake
    rake (12.0.0)
    rb-fsevent (0.10.2)
    rb-inotify (0.9.10)
      ffi (>= 0.5.0, < 2)
    rouge (1.11.1)
    safe_yaml (1.0.4)
    sass (3.5.1)
      sass-listen (~> 4.0.0)
    sass-listen (4.0.0)
      rb-fsevent (~> 0.9, >= 0.9.4)
      rb-inotify (~> 0.9, >= 0.9.7)
    sqlite3 (1.3.13)
    unf_ext (0.0.7.4)
    websocket-driver (0.6.5)
      websocket-extensions (>= 0.1.0)
    websocket-extensions (0.1.2)

PLATFORMS
  ruby

DEPENDENCIES
  bindex (= 0.5.0)
  byebug (= 9.0.6)
  eventmachine (= 1.2.3)
  executable-hooks (= 1.3.2)
  ffi (= 1.9.18)
  gem-wrappers (= 1.2.7)
  http_parser.rb (= 0.6.0)
  jekyll
  json (= 2.1.0)
  nio4r (= 2.1.0)
  nokogiri (= 1.8.0)
  puma (= 3.9.1)
  rainbow (= 2.2.2)
  sqlite3 (= 1.3.13)
  unf_ext (= 0.0.7.4)
  websocket-driver (= 0.6.5)

BUNDLED WITH
   1.15.3
